PATH
  remote: .
  specs:
    execjs-async (0.1.0)
      execjs (>= 2.7.0)

GEM
  remote: http://rubygems.org/
  specs:
    execjs (2.7.0)
    hoe (3.15.1)
      rake (>= 0.8, < 12.0)
    rake (11.2.2)
    test-unit (1.2.3)
      hoe (>= 1.5.1)

PLATFORMS
  ruby

DEPENDENCIES
  execjs-async!
  test-unit (= 1.2.3)

BUNDLED WITH
   1.12.5
